GEM
  remote: http://rubygems.org/
  specs:
    BlueCloth (1.0.1)
    actionmailer (2.3.4)
      actionpack (= 2.3.4)
    actionpack (2.3.4)
      activesupport (= 2.3.4)
      rack (~> 1.0.0)
    activerecord (2.3.4)
      activesupport (= 2.3.4)
    activeresource (2.3.4)
      activesupport (= 2.3.4)
    activesupport (2.3.4)
    aws-s3 (0.5.1)
      builder
      mime-types
      xml-simple
    builder (2.1.2)
    googlecharts (1.6.0)
    haml (2.0.9)
    hpricot (0.8.2)
    mime-types (1.16)
    mysql (2.8.1)
    newrelic_rpm (2.14.1)
    nokogiri (1.4.3.1)
    rack (1.0.1)
    rails (2.3.4)
      actionmailer (= 2.3.4)
      actionpack (= 2.3.4)
      activerecord (= 2.3.4)
      activeresource (= 2.3.4)
      activesupport (= 2.3.4)
      rake (>= 0.8.3)
    rake (0.8.7)
    rmagick (2.13.1)
    rspec (1.3.0)
    rspec-rails (1.3.2)
      rack (>= 1.0.0)
      rspec (>= 1.3.0)
    ruby-mp3info (0.6.13)
    rubyzip (0.9.4)
    will_paginate (2.3.14)
    xml-simple (1.0.12)

PLATFORMS
  ruby

DEPENDENCIES
  BlueCloth
  aws-s3 (~> 0.5.0)
  googlecharts
  haml (= 2.0.9)
  hpricot
  mime-types
  mysql
  newrelic_rpm (~> 2.14.1)
  nokogiri
  rails (= 2.3.4)
  rmagick
  rspec (>= 1.2.0)
  rspec-rails (>= 1.2.0)
  ruby-mp3info
  rubyzip
  will_paginate
